PATH
  remote: .
  specs:
    knife-proxmox (0.0.1)

GEM
  remote: http://rubygems.org/
  specs:

PLATFORMS
  ruby

DEPENDENCIES
  knife-proxmox!
